GEM
  remote: https://rubygems.org/
  specs:
    activemodel (5.2.1)
      activesupport (= 5.2.1)
    activerecord (5.2.1)
      activemodel (= 5.2.1)
      activesupport (= 5.2.1)
      arel (>= 9.0)
    activerecord-import (0.25.0)
      activerecord (>= 3.2)
    activesupport (5.2.1)
      concurrent-ruby (~> 1.0, >= 1.0.2)
      i18n (>= 0.7, < 2)
      minitest (~> 5.1)
      tzinfo (~> 1.1)
    arel (9.0.0)
    awesome_print (1.8.0)
    axlsx (2.0.1)
      htmlentities (~> 4.3.1)
      nokogiri (>= 1.4.1)
      rubyzip (~> 1.0.0)
    coderay (1.1.2)
    colorize (0.8.1)
    concurrent-ruby (1.0.5)
    diff-lcs (1.3)
    htmlentities (4.3.4)
    i18n (1.1.0)
      concurrent-ruby (~> 1.0)
    method_source (0.8.2)
    mini_portile2 (2.8.0)
    minitest (5.11.3)
    nokogiri (1.13.2)
      mini_portile2 (~> 2.8.0)
      racc (~> 1.4)
    pry (0.10.4)
      coderay (~> 1.1.0)
      method_source (~> 0.8.1)
      slop (~> 3.4)
    racc (1.6.0)
    rspec (3.8.0)
      rspec-core (~> 3.8.0)
      rspec-expectations (~> 3.8.0)
      rspec-mocks (~> 3.8.0)
    rspec-core (3.8.0)
      rspec-support (~> 3.8.0)
    rspec-expectations (3.8.1)
      diff-lcs (>= 1.2.0, < 2.0)
      rspec-support (~> 3.8.0)
    rspec-mocks (3.8.0)
      diff-lcs (>= 1.2.0, < 2.0)
      rspec-support (~> 3.8.0)
    rspec-support (3.8.0)
    ruby-progressbar (1.10.0)
    rubyzip (1.0.0)
    slop (3.6.0)
    sqlite3 (1.3.13)
    thread_safe (0.3.6)
    trollop (2.9.9)
    tzinfo (1.2.5)
      thread_safe (~> 0.1)
    zip-zip (0.3)
      rubyzip (>= 1.0.0)

PLATFORMS
  ruby

DEPENDENCIES
  activerecord
  activerecord-import
  awesome_print
  axlsx
  colorize
  nokogiri
  pry (~> 0.10.0)
  rspec
  ruby-progressbar
  rubyzip
  sqlite3
  trollop
  zip-zip

BUNDLED WITH
   1.11.2
